GEM
  remote: https://rubygems.org/
  specs:
    base64 (0.2.0)
    bigdecimal (3.1.9)
    cgi (0.4.1)
    colorize (1.1.0)
    did_you_mean (1.6.3)
    dotenv (3.1.7)
    erb (4.0.4)
      cgi (>= 0.3.3)
    faraday (2.12.2)
      faraday-net_http (>= 2.0, < 3.5)
      json
      logger
    faraday-net_http (3.4.0)
      net-http (>= 0.5.0)
    hashie (5.0.0)
    json (2.9.1)
    jwt (2.10.1)
      base64
    logger (1.6.5)
    multi_xml (0.7.1)
      bigdecimal (~> 3.1)
    net-http (0.6.0)
      uri
    oauth2 (2.0.9)
      faraday (>= 0.17.3, < 3.0)
      jwt (>= 1.0, < 3.0)
      multi_xml (~> 0.5)
      rack (>= 1.2, < 4)
      snaky_hash (~> 2.0)
      version_gem (~> 1.1)
    pg (1.5.9)
    rack (3.1.8)
    snaky_hash (2.0.1)
      hashie
      version_gem (~> 1.1, >= 1.1.1)
    uri (1.0.2)
    version_gem (1.1.4)
    webrick (1.9.1)

PLATFORMS
  ruby
  x86_64-linux

DEPENDENCIES
  bundler
  cgi
  colorize
  did_you_mean (~> 1.0)
  dotenv
  erb
  json
  oauth2
  pg
  rack
  webrick

BUNDLED WITH
   2.6.2
